GEM
  remote: http://rubygems.org/
  specs:
    ffi (1.9.10)
    rack (1.6.4)
    rack-protection (1.5.3)
      rack
    sinatra (1.4.6)
      rack (~> 1.4)
      rack-protection (~> 1.4)
      tilt (>= 1.3, < 3)
    sys-cpu (0.7.1)
      ffi (>= 1.0.0)
    tilt (2.0.1)

PLATFORMS
  ruby

DEPENDENCIES
  sinatra
  sys-cpu
